GEM
  remote: https://rubygems.org/
  specs:
    addressable (2.8.6)
      public_suffix (>= 2.0.2, < 6.0)
    ast (2.4.2)
    chunky_png (1.4.0)
    colorator (1.1.0)
    compass (1.0.3)
      chunky_png (~> 1.2)
      compass-core (~> 1.0.2)
      compass-import-once (~> 1.0.5)
      rb-fsevent (>= 0.9.3)
      rb-inotify (>= 0.9)
      sass (>= 3.3.13, < 3.5)
    compass-core (1.0.3)
      multi_json (~> 1.0)
      sass (>= 3.3.0, < 3.5)
    compass-import-once (1.0.5)
      sass (>= 3.2, < 3.5)
    concurrent-ruby (1.2.3)
    diff-lcs (1.5.1)
    em-websocket (0.5.3)
      eventmachine (>= 0.12.9)
      http_parser.rb (~> 0)
    eventmachine (1.2.7)
    ffi (1.16.3)
    forwardable-extended (2.6.0)
    google-protobuf (4.26.1)
      rake (>= 13)
    google-protobuf (4.26.1-aarch64-linux)
      rake (>= 13)
    google-protobuf (4.26.1-arm64-darwin)
      rake (>= 13)
    google-protobuf (4.26.1-x86-linux)
      rake (>= 13)
    google-protobuf (4.26.1-x86_64-darwin)
      rake (>= 13)
    google-protobuf (4.26.1-x86_64-linux)
      rake (>= 13)
    http_parser.rb (0.8.0)
    i18n (1.14.5)
      concurrent-ruby (~> 1.0)
    jekyll (4.3.3)
      addressable (~> 2.4)
      colorator (~> 1.0)
      em-websocket (~> 0.5)
      i18n (~> 1.0)
      jekyll-sass-converter (>= 2.0, < 4.0)
      jekyll-watch (~> 2.0)
      kramdown (~> 2.3, >= 2.3.1)
      kramdown-parser-gfm (~> 1.0)
      liquid (~> 4.0)
      mercenary (>= 0.3.6, < 0.5)
      pathutil (~> 0.9)
      rouge (>= 3.0, < 5.0)
      safe_yaml (~> 1.0)
      terminal-table (>= 1.8, < 4.0)
      webrick (~> 1.7)
    jekyll-sass-converter (3.0.0)
      sass-embedded (~> 1.54)
    jekyll-watch (2.2.1)
      listen (~> 3.0)
    json (2.7.2)
    kramdown (2.4.0)
      rexml
    kramdown-parser-gfm (1.1.0)
      kramdown (~> 2.0)
    language_server-protocol (3.17.0.3)
    liquid (4.0.4)
    listen (3.9.0)
      rb-fsevent (~> 0.10, >= 0.10.3)
      rb-inotify (~> 0.9, >= 0.9.10)
    mercenary (0.4.0)
    multi_json (1.15.0)
    parallel (1.24.0)
    parser (3.3.1.0)
      ast (~> 2.4.1)
      racc
    pathutil (0.16.2)
      forwardable-extended (~> 2.6)
    public_suffix (5.0.5)
    racc (1.7.3)
    rainbow (3.1.1)
    rake (13.2.1)
    rb-fsevent (0.11.2)
    rb-inotify (0.10.1)
      ffi (~> 1.0)
    regexp_parser (2.9.1)
    rexml (3.2.6)
    rouge (4.2.1)
    rspec (3.13.0)
      rspec-core (~> 3.13.0)
      rspec-expectations (~> 3.13.0)
      rspec-mocks (~> 3.13.0)
    rspec-core (3.13.0)
      rspec-support (~> 3.13.0)
    rspec-expectations (3.13.0)
      diff-lcs (>= 1.2.0, < 2.0)
      rspec-support (~> 3.13.0)
    rspec-mocks (3.13.1)
      diff-lcs (>= 1.2.0, < 2.0)
      rspec-support (~> 3.13.0)
    rspec-support (3.13.1)
    rubocop (1.63.5)
      json (~> 2.3)
      language_server-protocol (>= 3.17.0)
      parallel (~> 1.10)
      parser (>= 3.3.0.2)
      rainbow (>= 2.2.2, < 4.0)
      regexp_parser (>= 1.8, < 3.0)
      rexml (>= 3.2.5, < 4.0)
      rubocop-ast (>= 1.31.1, < 2.0)
      ruby-progressbar (~> 1.7)
      unicode-display_width (>= 2.4.0, < 3.0)
    rubocop-ast (1.31.3)
      parser (>= 3.3.1.0)
    ruby-progressbar (1.13.0)
    safe_yaml (1.0.5)
    sass (3.4.25)
    sass-embedded (1.77.1)
      google-protobuf (>= 3.25, < 5.0)
      rake (>= 13.0.0)
    sass-embedded (1.77.1-aarch64-linux-android)
      google-protobuf (>= 3.25, < 5.0)
    sass-embedded (1.77.1-aarch64-linux-gnu)
      google-protobuf (>= 3.25, < 5.0)
    sass-embedded (1.77.1-aarch64-linux-musl)
      google-protobuf (>= 3.25, < 5.0)
    sass-embedded (1.77.1-aarch64-mingw-ucrt)
      google-protobuf (>= 3.25, < 5.0)
    sass-embedded (1.77.1-arm-linux-androideabi)
      google-protobuf (>= 3.25, < 5.0)
    sass-embedded (1.77.1-arm-linux-gnueabihf)
      google-protobuf (>= 3.25, < 5.0)
    sass-embedded (1.77.1-arm-linux-musleabihf)
      google-protobuf (>= 3.25, < 5.0)
    sass-embedded (1.77.1-arm64-darwin)
      google-protobuf (>= 3.25, < 5.0)
    sass-embedded (1.77.1-riscv64-linux-android)
      google-protobuf (>= 3.25, < 5.0)
    sass-embedded (1.77.1-riscv64-linux-gnu)
      google-protobuf (>= 3.25, < 5.0)
    sass-embedded (1.77.1-riscv64-linux-musl)
      google-protobuf (>= 3.25, < 5.0)
    sass-embedded (1.77.1-x86-cygwin)
      google-protobuf (>= 3.25, < 5.0)
    sass-embedded (1.77.1-x86-linux-android)
      google-protobuf (>= 3.25, < 5.0)
    sass-embedded (1.77.1-x86-linux-gnu)
      google-protobuf (>= 3.25, < 5.0)
    sass-embedded (1.77.1-x86-linux-musl)
      google-protobuf (>= 3.25, < 5.0)
    sass-embedded (1.77.1-x86-mingw-ucrt)
      google-protobuf (>= 3.25, < 5.0)
    sass-embedded (1.77.1-x86_64-cygwin)
      google-protobuf (>= 3.25, < 5.0)
    sass-embedded (1.77.1-x86_64-darwin)
      google-protobuf (>= 3.25, < 5.0)
    sass-embedded (1.77.1-x86_64-linux-android)
      google-protobuf (>= 3.25, < 5.0)
    sass-embedded (1.77.1-x86_64-linux-gnu)
      google-protobuf (>= 3.25, < 5.0)
    sass-embedded (1.77.1-x86_64-linux-musl)
      google-protobuf (>= 3.25, < 5.0)
    terminal-table (3.0.2)
      unicode-display_width (>= 1.1.1, < 3)
    unicode-display_width (2.5.0)
    webrick (1.8.1)

PLATFORMS
  aarch64-linux
  aarch64-linux-android
  aarch64-linux-gnu
  aarch64-linux-musl
  aarch64-mingw-ucrt
  arm-linux-androideabi
  arm-linux-gnueabihf
  arm-linux-musleabihf
  arm64-darwin
  riscv64-linux-android
  riscv64-linux-gnu
  riscv64-linux-musl
  ruby
  x86-cygwin
  x86-linux
  x86-linux-android
  x86-linux-gnu
  x86-linux-musl
  x86-mingw-ucrt
  x86_64-cygwin
  x86_64-darwin
  x86_64-linux
  x86_64-linux-android
  x86_64-linux-gnu
  x86_64-linux-musl

DEPENDENCIES
  compass
  jekyll
  rspec
  rubocop

BUNDLED WITH
   2.5.10
